GIT
  remote: git://github.com/grappendorf/cucumber-api-steps.git
  revision: 8e4518ec109d3fe8c6e0d96a316d7009319764c4
  tag: v0.13.9
  specs:
    cucumber-api-steps (0.13.9)
      cucumber (>= 1.3.20)
      jsonpath (>= 0.1.2)

GEM
  remote: http://rubygems.org/
  specs:
    active_record-acts_as (1.0.8)
      activerecord (~> 4, >= 4.1.2)
      activesupport (~> 4)
    activemodel (4.2.5.2)
      activesupport (= 4.2.5.2)
      builder (~> 3.1)
    activerecord (4.2.5.2)
      activemodel (= 4.2.5.2)
      activesupport (= 4.2.5.2)
      arel (~> 6.0)
    activesupport (4.2.5.2)
      i18n (~> 0.7)
      json (~> 1.7, >= 1.7.7)
      minitest (~> 5.1)
      thread_safe (~> 0.3, >= 0.3.4)
      tzinfo (~> 1.1)
    annotate (2.7.0)
      activerecord (>= 3.2, < 6.0)
      rake (~> 10.4)
    arel (6.0.3)
    awesome_print (1.6.1)
    axiom-types (0.1.1)
      descendants_tracker (~> 0.0.4)
      ice_nine (~> 0.11.0)
      thread_safe (~> 0.3, >= 0.3.1)
    bcrypt (3.1.10)
    builder (3.2.2)
    bump (0.5.3)
    cancancan (1.13.1)
    coderay (1.1.1)
    coercible (1.0.0)
      descendants_tracker (~> 0.0.1)
    cucumber (1.3.20)
      builder (>= 2.1.2)
      diff-lcs (>= 1.1.3)
      gherkin (~> 2.12)
      multi_json (>= 1.7.5, < 2.0)
      multi_test (>= 0.1.2)
    daemons (1.2.3)
    database_cleaner (1.5.1)
    descendants_tracker (0.0.4)
      thread_safe (~> 0.3, >= 0.3.1)
    diff-lcs (1.2.5)
    docile (1.1.5)
    equalizer (0.0.11)
    eventmachine (1.0.9.1)
    fabrication (2.14.1)
    faker (1.6.3)
      i18n (~> 0.5)
    faye-websocket (0.10.3)
      eventmachine (>= 0.12.0)
      websocket-driver (>= 0.5.1)
    ffi (1.9.10)
    gherkin (2.12.2)
      multi_json (~> 1.3)
    grape (0.14.0)
      activesupport
      builder
      hashie (>= 2.1.0)
      multi_json (>= 1.3.2)
      multi_xml (>= 0.5.2)
      rack (>= 1.3.0)
      rack-accept
      rack-mount
      virtus (>= 1.0.0)
    grape-cancan (0.0.2)
      cancancan
      grape (>= 0.6.0)
    hashie (3.4.3)
    hashie-forbidden_attributes (0.1.1)
      hashie (>= 3.0)
    http_accept_language (2.0.5)
    httparty (0.13.7)
      json (~> 1.8)
      multi_xml (>= 0.5.2)
    hue-lib (0.7.3)
      json
    i18n (0.7.0)
    ice_nine (0.11.2)
    inherit (0.0.1)
    json (1.8.3)
    json_spec (1.1.4)
      multi_json (~> 1.0)
      rspec (>= 2.0, < 4.0)
    jsonpath (0.5.8)
      multi_json
    jwt (1.5.3)
    license_finder (2.0.4)
      bundler
      httparty
      thor
      xml-simple
    listen (3.0.6)
      rb-fsevent (>= 0.9.3)
      rb-inotify (>= 0.9.7)
    macaddr (1.7.1)
      systemu (~> 2.6.2)
    method_source (0.8.2)
    micon (0.1.28)
    mini_portile2 (2.0.0)
    minitest (5.8.4)
    multi_json (1.11.2)
    multi_test (0.1.2)
    multi_xml (0.5.5)
    nokogiri (1.6.7.2)
      mini_portile2 (~> 2.0.0.rc2)
    pry (0.10.3)
      coderay (~> 1.1.0)
      method_source (~> 0.8.1)
      slop (~> 3.4)
    rack (1.6.4)
    rack-accept (0.4.5)
      rack (>= 0.4)
    rack-cors (0.4.0)
    rack-mount (0.8.3)
      rack (>= 1.0.0)
    rack-test (0.6.3)
      rack (>= 1.0)
    rake (10.5.0)
    rb-fsevent (0.9.7)
    rb-inotify (0.9.7)
      ffi (>= 0.5.0)
    renum (1.4.0)
    rerun (0.11.0)
      listen (~> 3.0)
    rolify (5.0.0)
    rspec (3.4.0)
      rspec-core (~> 3.4.0)
      rspec-expectations (~> 3.4.0)
      rspec-mocks (~> 3.4.0)
    rspec-core (3.4.4)
      rspec-support (~> 3.4.0)
    rspec-expectations (3.4.0)
      diff-lcs (>= 1.2.0, < 2.0)
      rspec-support (~> 3.4.0)
    rspec-its (1.2.0)
      rspec-core (>= 3.0.0)
      rspec-expectations (>= 3.0.0)
    rspec-mocks (3.4.1)
      diff-lcs (>= 1.2.0, < 2.0)
      rspec-support (~> 3.4.0)
    rspec-support (3.4.1)
    rufus-scheduler (2.0.24)
      tzinfo (>= 0.3.22)
    simplecov (0.11.2)
      docile (~> 1.1.0)
      json (~> 1.8)
      simplecov-html (~> 0.10.0)
    simplecov-html (0.10.0)
    simplecov-rcov (0.2.3)
      simplecov (>= 0.4.1)
    slop (3.6.0)
    sqlite3 (1.3.11)
    statemachine (2.3.0)
    systemu (2.6.5)
    thin (1.6.4)
      daemons (~> 1.0, >= 1.0.9)
      eventmachine (~> 1.0, >= 1.0.4)
      rack (~> 1.0)
    thor (0.19.1)
    thread_safe (0.3.5)
    timecop (0.8.0)
    tzinfo (1.2.2)
      thread_safe (~> 0.1)
    uuid (2.3.8)
      macaddr (~> 1.0)
    validates_email_format_of (1.6.3)
      i18n
    virtus (1.0.5)
      axiom-types (~> 0.1)
      coercible (~> 1.0)
      descendants_tracker (~> 0.0, >= 0.0.3)
      equalizer (~> 0.0, >= 0.0.9)
    wannabe_bool (0.5.0)
    websocket-driver (0.6.3)
      websocket-extensions (>= 0.1.0)
    websocket-extensions (0.1.2)
    xml-simple (1.1.5)

PLATFORMS
  ruby

DEPENDENCIES
  active_record-acts_as (= 1.0.8)
  activemodel (= 4.2.5.2)
  activerecord (= 4.2.5.2)
  activesupport (= 4.2.5.2)
  annotate (= 2.7.0)
  awesome_print (= 1.6.1)
  bcrypt (= 3.1.10)
  bump (= 0.5.3)
  cucumber (= 1.3.20)
  cucumber-api-steps!
  database_cleaner (= 1.5.1)
  fabrication (= 2.14.1)
  faker (= 1.6.3)
  faye-websocket (= 0.10.3)
  grape (= 0.14.0)
  grape-cancan (= 0.0.2)
  hashie-forbidden_attributes (= 0.1.1)
  http_accept_language (= 2.0.5)
  httparty (= 0.13.7)
  hue-lib (= 0.7.3)
  inherit (= 0.0.1)
  json_spec (= 1.1.4)
  jwt (= 1.5.3)
  license_finder (= 2.0.4)
  micon (= 0.1.28)
  nokogiri (= 1.6.7.2)
  pry (= 0.10.3)
  rack-cors (= 0.4.0)
  rack-test (= 0.6.3)
  rake (= 10.5.0)
  renum (= 1.4.0)
  rerun (= 0.11.0)
  rolify (= 5.0.0)
  rspec (= 3.4.0)
  rspec-its (= 1.2.0)
  rufus-scheduler (= 2.0.24)
  simplecov (= 0.11.2)
  simplecov-rcov (= 0.2.3)
  sqlite3 (= 1.3.11)
  statemachine (= 2.3.0)
  thin (= 1.6.4)
  timecop (= 0.8.0)
  uuid (= 2.3.8)
  validates_email_format_of (= 1.6.3)
  wannabe_bool (= 0.5.0)

BUNDLED WITH
   1.11.2
