GIT
  remote: git://github.com/grappendorf/acts_as_relation.git
  revision: 857d35932adf01e5055de5587e23a1eb281e57ef
  specs:
    acts_as_relation (1.1.1)
      activerecord (~> 4.0)
      activesupport (~> 4.0)

GIT
  remote: git://github.com/grappendorf/rack-webconsole-telcat.git
  revision: 7026269477fd653eef79fea9d90213cd80bbc4d5
  specs:
    rack-webconsole-telcat (0.1.4.2)
      multi_json (= 1.7.9)
      rack (= 1.5.2)
      ripl (= 0.7.0)
      ripl-multi_line (= 0.3.1)

GEM
  remote: https://rubygems.org/
  specs:
    actionmailer (4.1.1)
      actionpack (= 4.1.1)
      actionview (= 4.1.1)
      mail (~> 2.5.4)
    actionpack (4.1.1)
      actionview (= 4.1.1)
      activesupport (= 4.1.1)
      rack (~> 1.5.2)
      rack-test (~> 0.6.2)
    actionview (4.1.1)
      activesupport (= 4.1.1)
      builder (~> 3.1)
      erubis (~> 2.7.0)
    activemodel (4.1.1)
      activesupport (= 4.1.1)
      builder (~> 3.1)
    activerecord (4.1.1)
      activemodel (= 4.1.1)
      activesupport (= 4.1.1)
      arel (~> 5.0.0)
    activesupport (4.1.1)
      i18n (~> 0.6, >= 0.6.9)
      json (~> 1.7, >= 1.7.7)
      minitest (~> 5.1)
      thread_safe (~> 0.1)
      tzinfo (~> 1.1)
    addressable (2.3.6)
    annotate (2.6.5)
      activerecord (>= 2.3.0)
      rake (>= 0.8.7)
    arel (5.0.1.20140414130214)
    awesome_print (1.2.0)
    bcrypt (3.1.9)
    bcrypt-ruby (3.1.5)
      bcrypt (>= 3.1.3)
    better_errors (2.0.0)
      coderay (>= 1.0.0)
      erubis (>= 2.6.6)
      rack (>= 0.9.0)
    binding_of_caller (0.7.2)
      debug_inspector (>= 0.0.1)
    bond (0.4.3)
    builder (3.2.2)
    callsite (0.0.11)
    cancan (1.6.10)
    capybara (2.4.4)
      mime-types (>= 1.16)
      nokogiri (>= 1.3.3)
      rack (>= 1.0.0)
      rack-test (>= 0.5.4)
      xpath (~> 2.0)
    childprocess (0.5.5)
      ffi (~> 1.0, >= 1.0.11)
    chromedriver2-helper (0.0.8)
      nokogiri
    cliver (0.3.2)
    coderay (1.1.0)
    cucumber (1.3.17)
      builder (>= 2.1.2)
      diff-lcs (>= 1.1.3)
      gherkin (~> 2.12)
      multi_json (>= 1.7.5, < 2.0)
      multi_test (>= 0.1.1)
    cucumber-rails (1.4.0)
      capybara (>= 1.1.2)
      cucumber (>= 1.2.0)
      nokogiri (>= 1.5.0)
      rails (>= 3.0.0)
    daemons (1.1.9)
    database_cleaner (1.2.0)
    debug_inspector (0.0.2)
    devise (3.2.2)
      bcrypt-ruby (~> 3.0)
      orm_adapter (~> 0.1)
      railties (>= 3.2.6, < 5)
      thread_safe (~> 0.1)
      warden (~> 1.2.3)
    devise-i18n (0.10.2)
    diff-lcs (1.2.5)
    docile (1.1.5)
    em-synchrony (1.0.3)
      eventmachine (>= 1.0.0.beta.1)
    erubis (2.7.0)
    eventmachine (1.0.4)
    fabrication (2.11.3)
    faker (1.2.0)
      i18n (~> 0.5)
    faye-websocket (0.7.4)
      eventmachine (>= 0.12.0)
      websocket-driver (>= 0.3.1)
    ffi (1.9.6)
    gherkin (2.12.2)
      multi_json (~> 1.3)
    hike (1.2.3)
    hiredis (0.5.2)
    httparty (0.13.3)
      json (~> 1.8)
      multi_xml (>= 0.5.2)
    i18n (0.7.0)
    i18n-js (2.1.2)
      i18n
    inherit (0.0.1)
    jbuilder (2.1.1)
      activesupport (>= 3.0.0, < 5)
      multi_json (~> 1.2)
    json (1.8.1)
    kaminari (0.15.1)
      actionpack (>= 3.0.0)
      activesupport (>= 3.0.0)
    launchy (2.4.2)
      addressable (~> 2.3)
    license_finder (1.2)
      bundler
      httparty
      sequel
      sqlite3
      thor
      xml-simple
    mail (2.5.4)
      mime-types (~> 1.16)
      treetop (~> 1.4.8)
    meta_request (0.3.4)
      callsite (~> 0.0, >= 0.0.11)
      rack-contrib (~> 1.1)
      railties (>= 3.0.0, < 5.0.0)
    method_source (0.8.2)
    micon (0.1.28)
    mime-types (1.25.1)
    mini_portile (0.6.1)
    minitest (5.5.0)
    multi_json (1.7.9)
    multi_test (0.1.1)
    multi_xml (0.5.5)
    nokogiri (1.6.5)
      mini_portile (~> 0.6.0)
    orm_adapter (0.5.0)
    pg (0.17.1)
    poltergeist (1.5.0)
      capybara (~> 2.1)
      cliver (~> 0.3.1)
      multi_json (~> 1.0)
      websocket-driver (>= 0.2.0)
    polyglot (0.3.5)
    pry (0.10.1)
      coderay (~> 1.1.0)
      method_source (~> 0.8.1)
      slop (~> 3.4)
    rack (1.5.2)
    rack-contrib (1.2.0)
      rack (>= 0.9.1)
    rack-test (0.6.2)
      rack (>= 1.0)
    rails (4.1.1)
      actionmailer (= 4.1.1)
      actionpack (= 4.1.1)
      actionview (= 4.1.1)
      activemodel (= 4.1.1)
      activerecord (= 4.1.1)
      activesupport (= 4.1.1)
      bundler (>= 1.3.0, < 2.0)
      railties (= 4.1.1)
      sprockets-rails (~> 2.0)
    rails-i18n (4.0.2)
      i18n (~> 0.6)
      rails (>= 4.0)
      rails (>= 4.0)
      rails (>= 4.0)
      rails (>= 4.0)
      rails (>= 4.0)
      rails (>= 4.0)
      rails (>= 4.0)
      rails (>= 4.0)
      rails (>= 4.0)
      rails (>= 4.0)
      rails (>= 4.0)
      rails (>= 4.0)
      rails (>= 4.0)
      rails (>= 4.0)
      rails (>= 4.0)
      rails (>= 4.0)
      rails (>= 4.0)
      rails (>= 4.0)
      rails (>= 4.0)
      rails (>= 4.0)
      rails (>= 4.0)
      rails (>= 4.0)
      rails (>= 4.0)
      rails (>= 4.0)
      rails (>= 4.0)
      rails (>= 4.0)
      rails (>= 4.0)
      rails (>= 4.0)
      rails (>= 4.0)
      rails (>= 4.0)
      rails (>= 4.0)
      rails (>= 4.0)
      rails (>= 4.0)
      rails (>= 4.0)
      rails (>= 4.0)
      rails (>= 4.0)
      rails (>= 4.0)
      rails (>= 4.0)
      rails (>= 4.0)
      rails (>= 4.0)
      rails (>= 4.0)
      rails (>= 4.0)
      rails (>= 4.0)
      rails (>= 4.0)
      rails (>= 4.0)
      rails (>= 4.0)
      rails (>= 4.0)
      rails (>= 4.0)
      rails (>= 4.0)
      rails (>= 4.0)
      rails (>= 4.0)
      rails (>= 4.0)
      rails (>= 4.0)
      rails (>= 4.0)
      rails (>= 4.0)
      rails (>= 4.0)
      rails (>= 4.0)
      rails (>= 4.0)
      rails (>= 4.0)
      rails (>= 4.0)
      rails (>= 4.0)
      rails (>= 4.0)
      rails (>= 4.0)
      rails (>= 4.0)
      rails (>= 4.0)
      rails (>= 4.0)
      rails (>= 4.0)
      rails (>= 4.0)
      rails (>= 4.0)
      rails (>= 4.0)
      rails (>= 4.0)
      rails (>= 4.0)
      rails (>= 4.0)
      rails (>= 4.0)
      rails (>= 4.0)
      rails (>= 4.0)
      rails (>= 4.0)
      rails (>= 4.0)
      rails (>= 4.0)
      rails (>= 4.0)
      rails (>= 4.0)
      rails (>= 4.0)
      rails (>= 4.0)
      rails (>= 4.0)
      rails (>= 4.0)
      rails (>= 4.0)
      rails (>= 4.0)
      rails (>= 4.0)
      rails (>= 4.0)
      rails (>= 4.0)
      rails (>= 4.0)
      rails (>= 4.0)
      rails (>= 4.0)
      rails (>= 4.0)
      rails (>= 4.0)
      rails (>= 4.0)
      rails (>= 4.0)
      rails (>= 4.0)
      rails (>= 4.0)
      rails (>= 4.0)
      rails (>= 4.0)
      rails (>= 4.0)
      rails (>= 4.0)
      rails (>= 4.0)
      rails (>= 4.0)
      rails (>= 4.0)
      rails (>= 4.0)
      rails (>= 4.0)
      rails (>= 4.0)
      rails (>= 4.0)
      rails (>= 4.0)
      rails (>= 4.0)
      rails (>= 4.0)
      rails (>= 4.0)
      rails (>= 4.0)
      rails (>= 4.0)
      rails (>= 4.0)
      rails (>= 4.0)
      rails (>= 4.0)
      rails (>= 4.0)
      rails (>= 4.0)
      rails (>= 4.0)
      rails (>= 4.0)
      rails (>= 4.0)
      rails (>= 4.0)
      rails (>= 4.0)
      rails (>= 4.0)
      rails (>= 4.0)
      rails (>= 4.0)
      rails (>= 4.0)
      rails (>= 4.0)
      rails (>= 4.0)
      rails (>= 4.0)
      rails (>= 4.0)
      rails (>= 4.0)
      rails (>= 4.0)
      rails (>= 4.0)
      rails (>= 4.0)
      rails (>= 4.0)
      rails (>= 4.0)
      rails (>= 4.0)
      rails (>= 4.0)
      rails (>= 4.0)
      rails (>= 4.0)
      rails (>= 4.0)
      rails (>= 4.0)
      rails (>= 4.0)
      rails (>= 4.0)
      rails (>= 4.0)
      rails (>= 4.0)
      rails (>= 4.0)
    rails_config (0.3.3)
      activesupport (>= 3.0)
    rails_semantic_logger (1.5.0)
      semantic_logger (>= 2.5.0)
    railties (4.1.1)
      actionpack (= 4.1.1)
      activesupport (= 4.1.1)
      rake (>= 0.8.7)
      thor (>= 0.18.1, < 2.0)
    rake (10.4.2)
    redis (3.2.0)
    renum (1.4.0)
    ripl (0.7.0)
      bond (~> 0.4.2)
    ripl-multi_line (0.3.1)
      ripl (>= 0.3.6)
    rolify (3.4.0)
    rspec-core (3.0.4)
      rspec-support (~> 3.0.0)
    rspec-expectations (3.0.4)
      diff-lcs (>= 1.2.0, < 2.0)
      rspec-support (~> 3.0.0)
    rspec-its (1.0.1)
      rspec-core (>= 2.99.0.beta1)
      rspec-expectations (>= 2.99.0.beta1)
    rspec-mocks (3.0.4)
      rspec-support (~> 3.0.0)
    rspec-rails (3.0.2)
      actionpack (>= 3.0)
      activesupport (>= 3.0)
      railties (>= 3.0)
      rspec-core (~> 3.0.0)
      rspec-expectations (~> 3.0.0)
      rspec-mocks (~> 3.0.0)
      rspec-support (~> 3.0.0)
    rspec-support (3.0.4)
    rubyzip (1.0.0)
    rufus-scheduler (2.0.24)
      tzinfo (>= 0.3.22)
    selenium-webdriver (2.40.0)
      childprocess (>= 0.5.0)
      multi_json (~> 1.0)
      rubyzip (~> 1.0)
      websocket (~> 1.0.4)
    semantic_logger (2.10.0)
      sync_attr (>= 1.0)
      thread_safe (>= 0.1.0)
    sequel (4.17.0)
    serialport (1.3.0)
    simplecov (0.8.2)
      docile (~> 1.1.0)
      multi_json
      simplecov-html (~> 0.8.0)
    simplecov-html (0.8.0)
    simplecov-rcov (0.2.3)
      simplecov (>= 0.4.1)
    slop (3.6.0)
    spork (1.0.0rc4)
    sprockets (2.12.3)
      hike (~> 1.2)
      multi_json (~> 1.0)
      rack (~> 1.0)
      tilt (~> 1.1, != 1.3.0)
    sprockets-rails (2.2.2)
      actionpack (>= 3.0)
      activesupport (>= 3.0)
      sprockets (>= 2.8, < 4.0)
    sqlite3 (1.3.9)
    statemachine (2.2.0)
    sync_attr (1.0.0)
    thin (1.6.1)
      daemons (>= 1.0.9)
      eventmachine (>= 1.0.0)
      rack (>= 1.0.0)
    thor (0.19.1)
    thread_safe (0.3.4)
    thread_storm (0.7.1)
    tilt (1.4.1)
    timecop (0.7.1)
    treetop (1.4.15)
      polyglot
      polyglot
      polyglot
      polyglot
      polyglot
      polyglot
      polyglot
      polyglot
      polyglot
      polyglot
      polyglot
      polyglot
      polyglot
      polyglot
      polyglot
      polyglot
      polyglot
      polyglot (>= 0.3.1)
      polyglot (>= 0.3.1)
      polyglot (>= 0.3.1)
      polyglot (>= 0.3.1)
      polyglot (>= 0.3.1)
      polyglot (>= 0.3.1)
      polyglot (>= 0.3.1)
      polyglot (>= 0.3.1)
      polyglot (>= 0.3.1)
      polyglot (>= 0.3.1)
      polyglot (>= 0.3.1)
      polyglot (>= 0.3.1)
      polyglot (>= 0.3.1)
      polyglot (>= 0.3.1)
      polyglot (>= 0.3.1)
      polyglot (>= 0.3.1)
      polyglot (>= 0.3.1)
      polyglot (>= 0.3.1)
      polyglot (>= 0.3.1)
      polyglot (>= 0.3.1)
      polyglot (>= 0.3.1)
      polyglot (>= 0.3.1)
      polyglot (>= 0.3.1)
      polyglot (>= 0.3.1)
      polyglot (>= 0.3.1)
      polyglot (>= 0.3.1)
      polyglot (>= 0.3.1)
      polyglot (>= 0.3.1)
      polyglot (>= 0.3.1)
      polyglot (>= 0.3.1)
      polyglot (>= 0.3.1)
      polyglot (>= 0.3.1)
      polyglot (>= 0.3.1)
      polyglot (>= 0.3.1)
      polyglot (>= 0.3.1)
      polyglot (>= 0.3.1)
      polyglot (>= 0.3.1)
      polyglot (>= 0.3.1)
      polyglot (>= 0.3.1)
      polyglot (>= 0.3.1)
      polyglot (>= 0.3.1)
      polyglot (>= 0.3.1)
      polyglot (>= 0.3.1)
      polyglot (>= 0.3.1)
      polyglot (>= 0.3.1)
      polyglot (>= 0.3.1)
      polyglot (>= 0.3.1)
      polyglot (>= 0.3.1)
      polyglot (>= 0.3.1)
      polyglot (>= 0.3.1)
      polyglot (>= 0.3.1)
      polyglot (>= 0.3.1)
      polyglot (>= 0.3.1)
      polyglot (>= 0.3.1)
      polyglot (>= 0.3.1)
      polyglot (>= 0.3.1)
      polyglot (>= 0.3.1)
      polyglot (>= 0.3.1)
      polyglot (>= 0.3.1)
      polyglot (>= 0.3.1)
      polyglot (>= 0.3.1)
      polyglot (>= 0.3.1)
      polyglot (>= 0.3.1)
      polyglot (>= 0.3.1)
      polyglot (>= 0.3.1)
      polyglot (>= 0.3.1)
      polyglot (>= 0.3.1)
      polyglot (>= 0.3.1)
      polyglot (>= 0.3.1)
      polyglot (>= 0.3.1)
      polyglot (>= 0.3.1)
      polyglot (>= 0.3.1)
      polyglot (>= 0.3.1)
      polyglot (>= 0.3.1)
      polyglot (>= 0.3.1)
      polyglot (>= 0.3.1)
      polyglot (>= 0.3.1)
      polyglot (>= 0.3.1)
      polyglot (>= 0.3.1)
      polyglot (>= 0.3.1)
      polyglot (>= 0.3.1)
      polyglot (>= 0.3.1)
      polyglot (>= 0.3.1)
      polyglot (>= 0.3.1)
      polyglot (>= 0.3.1)
      polyglot (>= 0.3.1)
      polyglot (>= 0.3.1)
      polyglot (>= 0.3.1)
      polyglot (>= 0.3.1)
      polyglot (>= 0.3.1)
      polyglot (>= 0.3.1)
      polyglot (>= 0.3.1)
      polyglot (>= 0.3.1)
      polyglot (>= 0.3.1)
      polyglot (>= 0.3.1)
      polyglot (>= 0.3.1)
      polyglot (>= 0.3.1)
      polyglot (>= 0.3.1)
      polyglot (>= 0.3.1)
      polyglot (>= 0.3.1)
      polyglot (>= 0.3.1)
      polyglot (>= 0.3.1)
      polyglot (>= 0.3.1)
      polyglot (>= 0.3.1)
      polyglot (>= 0.3.1)
      polyglot (>= 0.3.1)
      polyglot (>= 0.3.1)
      polyglot (>= 0.3.1)
      polyglot (>= 0.3.1)
      polyglot (>= 0.3.1)
      polyglot (>= 0.3.1)
      polyglot (>= 0.3.1)
      polyglot (>= 0.3.1)
      polyglot (>= 0.3.1)
      polyglot (>= 0.3.1)
      polyglot (>= 0.3.1)
      polyglot (>= 0.3.1)
      polyglot (>= 0.3.1)
      polyglot (>= 0.3.1)
      polyglot (>= 0.3.1)
      polyglot (>= 0.3.1)
      polyglot (>= 0.3.1)
      polyglot (>= 0.3.1)
      polyglot (>= 0.3.1)
      polyglot (>= 0.3.1)
      polyglot (>= 0.3.1)
      polyglot (>= 0.3.1)
      polyglot (>= 0.3.1)
      polyglot (>= 0.3.1)
      polyglot (>= 0.3.1)
      polyglot (>= 0.3.1)
      polyglot (>= 0.3.1)
      polyglot (>= 0.3.1)
      polyglot (>= 0.3.1)
      polyglot (>= 0.3.1)
      polyglot (>= 0.3.1)
      polyglot (>= 0.3.1)
      polyglot (>= 0.3.1)
      polyglot (>= 0.3.1)
      polyglot (>= 0.3.1)
      polyglot (>= 0.3.1)
      polyglot (>= 0.3.1)
      polyglot (>= 0.3.1)
      polyglot (>= 0.3.1)
      polyglot (>= 0.3.1)
      polyglot (>= 0.3.1)
      polyglot (>= 0.3.1)
      polyglot (>= 0.3.1)
      polyglot (>= 0.3.1)
      polyglot (>= 0.3.1)
    tzinfo (1.2.2)
      thread_safe (~> 0.1)
    warden (1.2.3)
      rack (>= 1.0)
    websocket (1.0.4)
    websocket-driver (0.3.2)
    websocket-rails (0.6.2)
      em-synchrony
      faye-websocket
      hiredis
      rack
      rails
      redis
      thin
    xbee-ruby (0.0.3)
      serialport (~> 1.1, >= 1.1.0)
    xml-simple (1.1.4)
    xpath (2.0.0)
      nokogiri (~> 1.3)
    zip-zip (0.2)
      rubyzip (>= 1.0.0)

PLATFORMS
  ruby

DEPENDENCIES
  acts_as_relation!
  annotate (= 2.6.5)
  awesome_print (= 1.2.0)
  better_errors (= 2.0.0)
  binding_of_caller (= 0.7.2)
  cancan (= 1.6.10)
  chromedriver2-helper (= 0.0.8)
  cucumber-rails (= 1.4.0)
  database_cleaner (= 1.2.0)
  devise (= 3.2.2)
  devise-i18n (= 0.10.2)
  fabrication (= 2.11.3)
  faker (= 1.2.0)
  i18n-js (= 2.1.2)
  inherit (= 0.0.1)
  jbuilder (= 2.1.1)
  kaminari (= 0.15.1)
  launchy (= 2.4.2)
  license_finder (= 1.2)
  meta_request (= 0.3.4)
  micon (= 0.1.28)
  pg (= 0.17.1)
  poltergeist (= 1.5.0)
  pry (= 0.10.1)
  rack-webconsole-telcat!
  rails (= 4.1.1)
  rails-i18n (= 4.0.2)
  rails_config (= 0.3.3)
  rails_semantic_logger (= 1.5.0)
  renum (= 1.4.0)
  rolify (= 3.4.0)
  rspec-its (= 1.0.1)
  rspec-rails (= 3.0.2)
  rubyzip (= 1.0.0)
  rufus-scheduler (= 2.0.24)
  selenium-webdriver (= 2.40.0)
  serialport (= 1.3.0)
  simplecov (= 0.8.2)
  simplecov-rcov (= 0.2.3)
  spork (= 1.0.0rc4)
  sqlite3 (= 1.3.9)
  statemachine (= 2.2.0)
  thin (= 1.6.1)
  thread_storm (= 0.7.1)
  timecop (= 0.7.1)
  websocket (= 1.0.4)
  websocket-driver (= 0.3.2)
  websocket-rails (= 0.6.2)
  xbee-ruby (= 0.0.3)
  zip-zip (= 0.2)
